GEM
  remote: https://rubygems.org/
  specs:
    mini_portile2 (2.8.8)
    rack (3.1.12)
    rack-cors (2.0.2)
      rack (>= 2.0.0)
    rackup (2.2.1)
      rack (>= 3)
    sqlite3 (2.6.0)
      mini_portile2 (~> 2.8.0)
    webrick (1.9.1)

PLATFORMS
  ruby

DEPENDENCIES
  rack-cors
  rackup
  sqlite3
  webrick

BUNDLED WITH
   2.1.4
